GEM
  remote: https://rubygems.org/
  specs:
    json (2.3.1)
    minitest (5.14.2)
    rake (13.0.1)

PLATFORMS
  ruby

DEPENDENCIES
  json
  minitest
  rake

BUNDLED WITH
   2.0.2
