GEM
  remote: https://rubygems.org/
  specs:
    yaml (0.1.1)

PLATFORMS
  ruby

DEPENDENCIES
  yaml

BUNDLED WITH
   2.0.2
